GEM
  remote: http://rubygems.org/
  specs:
    activemodel (3.2.2)
      activesupport (= 3.2.2)
      builder (~> 3.0.0)
    activesupport (3.2.2)
      i18n (~> 0.6)
      multi_json (~> 1.0)
    addressable (2.2.7)
    builder (3.0.0)
    callsite (0.0.11)
    data_objects (0.10.8)
      addressable (~> 2.1)
    datamapper (0.3.2)
      fastthread (> 0.0.0)
      json (> 0.0.0)
      rspec (> 0.0.0)
      validatable (> 0.0.0)
    diff-lcs (1.1.3)
    dm-active_model (1.2.1)
      activemodel (~> 3.0)
      dm-core (~> 1.2.0)
    dm-adjust (1.2.0)
      dm-core (~> 1.2.0)
    dm-core (1.2.0)
      addressable (~> 2.2.6)
    dm-do-adapter (1.2.0)
      data_objects (~> 0.10.6)
      dm-core (~> 1.2.0)
    dm-is-list (1.2.0)
      dm-adjust (~> 1.2.0)
    dm-is-state_machine (1.2.0)
      dm-core (~> 1.2.0)
    dm-sqlite-adapter (1.2.0)
      dm-do-adapter (~> 1.2.0)
      do_sqlite3 (~> 0.10.6)
    do_sqlite3 (0.10.8)
      data_objects (= 0.10.8)
    fastthread (1.0.7)
    ffi (1.0.11)
    guard (1.0.0)
      ffi (>= 0.5.0)
      thor (~> 0.14.6)
    haml (3.1.3)
    hike (1.2.1)
    i18n (0.6.0)
    json (1.6.5)
    minitest (2.11.2)
    multi_json (1.1.0)
    rack (1.3.6)
    renee (0.3.11)
      renee-core (= 0.3.11)
      renee-render (= 0.3.11)
    renee-core (0.3.11)
      rack (~> 1.3.0)
    renee-render (0.3.11)
      callsite (~> 0.0.6)
      rack (~> 1.3.0)
      renee-core (= 0.3.11)
      tilt (~> 1.3.3)
    rspec (2.8.0)
      rspec-core (~> 2.8.0)
      rspec-expectations (~> 2.8.0)
      rspec-mocks (~> 2.8.0)
    rspec-core (2.8.0)
    rspec-expectations (2.8.0)
      diff-lcs (~> 1.1.2)
    rspec-mocks (2.8.0)
    sass (3.1.15)
    shotgun (0.9)
      rack (>= 1.0)
    sprockets (2.4.3)
      hike (~> 1.2)
      multi_json (~> 1.0)
      rack (~> 1.0)
      tilt (~> 1.1, != 1.3.0)
    thor (0.14.6)
    tilt (1.3.3)
    validatable (1.6.7)

PLATFORMS
  ruby

DEPENDENCIES
  activemodel
  datamapper
  dm-active_model
  dm-is-list
  dm-is-state_machine
  dm-sqlite-adapter
  guard
  haml
  minitest
  renee
  sass
  shotgun
  sprockets
