GIT
  remote: git://github.com/jjb/authlogic.git
  revision: e5adbafa25c9bb14c0fd6ef80b8a649549c79be1
  specs:
    authlogic (2.1.6)
      activesupport

GEM
  remote: http://rubygems.org/
  specs:
    ZenTest (4.8.3)
    aasm (2.2.0)
    abstract (1.0.0)
    actionmailer (3.0.19)
      actionpack (= 3.0.19)
      mail (~> 2.2.19)
    actionpack (3.0.19)
      activemodel (= 3.0.19)
      activesupport (= 3.0.19)
      builder (~> 2.1.2)
      erubis (~> 2.6.6)
      i18n (~> 0.5.0)
      rack (~> 1.2.5)
      rack-mount (~> 0.6.14)
      rack-test (~> 0.5.7)
      tzinfo (~> 0.3.23)
    activemodel (3.0.19)
      activesupport (= 3.0.19)
      builder (~> 2.1.2)
      i18n (~> 0.5.0)
    activerecord (3.0.19)
      activemodel (= 3.0.19)
      activesupport (= 3.0.19)
      arel (~> 2.0.10)
      tzinfo (~> 0.3.23)
    activeresource (3.0.19)
      activemodel (= 3.0.19)
      activesupport (= 3.0.19)
    activesupport (3.0.19)
    acts_as_list (0.1.2)
    arel (2.0.10)
    builder (2.1.2)
    chronic (0.9.0)
    diff-lcs (1.1.3)
    erubis (2.6.6)
      abstract (>= 1.0.0)
    factory_girl (1.3.2)
    factory_girl_rails (1.0.1)
      factory_girl (~> 1.3)
      railties (>= 3.0.0)
    haml (3.0.25)
    i18n (0.5.0)
    json (1.7.6)
    mail (2.2.19)
      activesupport (>= 2.3.6)
      i18n (>= 0.4.0)
      mime-types (~> 1.16)
      treetop (~> 1.4.8)
    mime-types (1.19)
    mysql2 (0.2.6)
    nokogiri (1.5.6)
    polyglot (0.3.3)
    rack (1.2.6)
    rack-mount (0.6.14)
      rack (>= 1.0.0)
    rack-test (0.5.7)
      rack (>= 1.0)
    rails (3.0.19)
      actionmailer (= 3.0.19)
      actionpack (= 3.0.19)
      activerecord (= 3.0.19)
      activeresource (= 3.0.19)
      activesupport (= 3.0.19)
      bundler (~> 1.0)
      railties (= 3.0.19)
    railties (3.0.19)
      actionpack (= 3.0.19)
      activesupport (= 3.0.19)
      rake (>= 0.8.7)
      rdoc (~> 3.4)
      thor (~> 0.14.4)
    rake (10.0.3)
    rdoc (3.12)
      json (~> 1.4)
    redirect_routing (0.0.4)
    rspec (2.4.0)
      rspec-core (~> 2.4.0)
      rspec-expectations (~> 2.4.0)
      rspec-mocks (~> 2.4.0)
    rspec-core (2.4.0)
    rspec-expectations (2.4.0)
      diff-lcs (~> 1.1.2)
    rspec-mocks (2.4.0)
    rspec-rails (2.4.0)
      actionpack (~> 3.0)
      activesupport (~> 3.0)
      railties (~> 3.0)
      rspec (~> 2.4.0)
    s3 (0.2.8)
      trollop (>= 1.14)
    thor (0.14.6)
    treetop (1.4.12)
      polyglot
      polyglot (>= 0.3.1)
    trollop (2.0)
    tzinfo (0.3.35)
    webrat (0.7.3)
      nokogiri (>= 1.2.0)
      rack (>= 1.0)
      rack-test (>= 0.5.3)
    whenever (0.8.1)
      activesupport (>= 2.3.4)
      chronic (>= 0.6.3)
    will_paginate (3.0.3)

PLATFORMS
  ruby

DEPENDENCIES
  ZenTest
  aasm (= 2.2.0)
  acts_as_list (= 0.1.2)
  authlogic!
  factory_girl (= 1.3.2)
  factory_girl_rails
  haml (= 3.0.25)
  mysql2 (= 0.2.6)
  rails (~> 3.0.3)
  rake
  redirect_routing (= 0.0.4)
  rspec (= 2.4.0)
  rspec-rails (= 2.4.0)
  s3 (= 0.2.8)
  webrat
  whenever
  will_paginate (~> 3.0pre2)
